GEM
  remote: http://rubygems.org/
  specs:
    json (1.7.7)
    mime-types (1.21)
    redis (3.0.3)
    rest-client (1.6.7)
      mime-types (>= 1.16)

PLATFORMS
  ruby

DEPENDENCIES
  json
  redis
  rest-client
